GEM
  remote: https://rubygems.org/
  specs:
    actioncable (6.0.1)
      actionpack (= 6.0.1)
      nio4r (~> 2.0)
      websocket-driver (>= 0.6.1)
    actionmailbox (6.0.1)
      actionpack (= 6.0.1)
      activejob (= 6.0.1)
      activerecord (= 6.0.1)
      activestorage (= 6.0.1)
      activesupport (= 6.0.1)
      mail (>= 2.7.1)
    actionmailer (6.0.1)
      actionpack (= 6.0.1)
      actionview (= 6.0.1)
      activejob (= 6.0.1)
      mail (~> 2.5, >= 2.5.4)
      rails-dom-testing (~> 2.0)
    actionpack (6.0.1)
      actionview (= 6.0.1)
      activesupport (= 6.0.1)
      rack (~> 2.0)
      rack-test (>= 0.6.3)
      rails-dom-testing (~> 2.0)
      rails-html-sanitizer (~> 1.0, >= 1.2.0)
    actiontext (6.0.1)
      actionpack (= 6.0.1)
      activerecord (= 6.0.1)
      activestorage (= 6.0.1)
      activesupport (= 6.0.1)
      nokogiri (>= 1.8.5)
    actionview (6.0.1)
      activesupport (= 6.0.1)
      builder (~> 3.1)
      erubi (~> 1.4)
      rails-dom-testing (~> 2.0)
      rails-html-sanitizer (~> 1.1, >= 1.2.0)
    activejob (6.0.1)
      activesupport (= 6.0.1)
      globalid (>= 0.3.6)
    activemodel (6.0.1)
      activesupport (= 6.0.1)
    activerecord (6.0.1)
      activemodel (= 6.0.1)
      activesupport (= 6.0.1)
    activestorage (6.0.1)
      actionpack (= 6.0.1)
      activejob (= 6.0.1)
      activerecord (= 6.0.1)
      marcel (~> 0.3.1)
    activesupport (6.0.1)
      concurrent-ruby (~> 1.0, >= 1.0.2)
      i18n (>= 0.7, < 2)
      minitest (~> 5.1)
      tzinfo (~> 1.1)
      zeitwerk (~> 2.2)
    autoprefixer-rails (9.7.2)
      execjs
    awesome_print (1.8.0)
    bcrypt (3.1.13)
    binding_of_caller (0.8.0)
      debug_inspector (>= 0.0.1)
    bond (0.5.1)
    bootstrap-sass (3.4.1)
      autoprefixer-rails (>= 5.2.1)
      sassc (>= 2.0.0)
    builder (3.2.3)
    byebug (11.0.1)
    cancancan (3.0.1)
    coderay (1.1.2)
    coffee-rails (5.0.0)
      coffee-script (>= 2.2.0)
      railties (>= 5.2.0)
    coffee-script (2.4.1)
      coffee-script-source
      execjs
    coffee-script-source (1.12.2)
    concurrent-ruby (1.1.5)
    crass (1.0.5)
    debug_inspector (0.0.3)
    devise (4.7.1)
      bcrypt (~> 3.0)
      orm_adapter (~> 0.1)
      railties (>= 4.1.0)
      responders
      warden (~> 1.2.3)
    devise-i18n (1.8.2)
      devise (>= 4.6)
    erubi (1.9.0)
    execjs (2.7.0)
    ffi (1.11.2)
    font-awesome-rails (4.7.0.5)
      railties (>= 3.2, < 6.1)
    globalid (0.4.2)
      activesupport (>= 4.2.0)
    hirb (0.7.3)
    hirb-unicode (0.0.5)
      hirb (~> 0.5)
      unicode-display_width (~> 0.1.1)
    i18n (1.7.0)
      concurrent-ruby (~> 1.0)
    interception (0.5)
    jbuilder (2.9.1)
      activesupport (>= 4.2.0)
    jist (1.5.1)
      json
    jquery-rails (4.3.5)
      rails-dom-testing (>= 1, < 3)
      railties (>= 4.2.0)
      thor (>= 0.14, < 2.0)
    json (1.8.6)
    libv8 (3.16.14.19)
    loofah (2.3.1)
      crass (~> 1.0.2)
      nokogiri (>= 1.5.9)
    mail (2.7.1)
      mini_mime (>= 0.1.1)
    marcel (0.3.3)
      mimemagic (~> 0.3.2)
    method_source (0.9.2)
    mimemagic (0.3.3)
    mini_mime (1.0.2)
    mini_portile2 (2.4.0)
    minitest (5.13.0)
    mysql2 (0.3.21)
    nested_form (0.3.2)
    nio4r (2.5.2)
    nokogiri (1.10.8)
      mini_portile2 (~> 2.4.0)
    orm_adapter (0.5.0)
    passenger (6.0.4)
      rack
      rake (>= 0.8.1)
    polyamorous (2.3.0)
      activerecord (>= 5.0)
    pry (0.12.2)
      coderay (~> 1.1.0)
      method_source (~> 0.9.0)
    pry-byebug (3.7.0)
      byebug (~> 11.0)
      pry (~> 0.10)
    pry-doc (1.0.0)
      pry (~> 0.11)
      yard (~> 0.9.11)
    pry-rails (0.3.9)
      pry (>= 0.10.4)
    pry-remote (0.1.8)
      pry (~> 0.9)
      slop (~> 3.0)
    pry-rescue (1.5.0)
      interception (>= 0.5)
      pry (>= 0.12.0)
    pry-stack_explorer (0.4.9.3)
      binding_of_caller (>= 0.7)
      pry (>= 0.9.11)
    rack (2.0.7)
    rack-test (1.1.0)
      rack (>= 1.0, < 3)
    rails (6.0.1)
      actioncable (= 6.0.1)
      actionmailbox (= 6.0.1)
      actionmailer (= 6.0.1)
      actionpack (= 6.0.1)
      actiontext (= 6.0.1)
      actionview (= 6.0.1)
      activejob (= 6.0.1)
      activemodel (= 6.0.1)
      activerecord (= 6.0.1)
      activestorage (= 6.0.1)
      activesupport (= 6.0.1)
      bundler (>= 1.3.0)
      railties (= 6.0.1)
      sprockets-rails (>= 2.0.0)
    rails-dom-testing (2.0.3)
      activesupport (>= 4.2.0)
      nokogiri (>= 1.6)
    rails-html-sanitizer (1.3.0)
      loofah (~> 2.3)
    railties (6.0.1)
      actionpack (= 6.0.1)
      activesupport (= 6.0.1)
      method_source
      rake (>= 0.8.7)
      thor (>= 0.20.3, < 2.0)
    rake (13.0.1)
    ransack (2.3.0)
      actionpack (>= 5.0)
      activerecord (>= 5.0)
      activesupport (>= 5.0)
      i18n
      polyamorous (= 2.3.0)
    rb-fsevent (0.10.3)
    rb-inotify (0.10.0)
      ffi (~> 1.0)
    rdoc (4.3.0)
    ref (2.0.0)
    remotipart (1.4.3)
    responders (3.0.0)
      actionpack (>= 5.0)
      railties (>= 5.0)
    rolify (5.2.0)
    ruby-ole (1.2.12.2)
    sass (3.7.4)
      sass-listen (~> 4.0.0)
    sass-listen (4.0.0)
      rb-fsevent (~> 0.9, >= 0.9.4)
      rb-inotify (~> 0.9, >= 0.9.7)
    sass-rails (5.1.0)
      railties (>= 5.2.0)
      sass (~> 3.1)
      sprockets (>= 2.8, < 4.0)
      sprockets-rails (>= 2.0, < 4.0)
      tilt (>= 1.1, < 3)
    sassc (2.2.1)
      ffi (~> 1.9)
    sdoc (0.4.2)
      json (~> 1.7, >= 1.7.7)
      rdoc (~> 4.0)
    simple_form (5.0.1)
      actionpack (>= 5.0)
      activemodel (>= 5.0)
    slop (3.6.0)
    spreadsheet (1.2.5)
      ruby-ole (>= 1.0)
    spring (2.1.0)
    sprockets (3.7.2)
      concurrent-ruby (~> 1.0)
      rack (> 1, < 3)
    sprockets-rails (3.2.1)
      actionpack (>= 4.0)
      activesupport (>= 4.0)
      sprockets (>= 3.0.0)
    sqlite3 (1.4.1)
    therubyracer (0.12.3)
      libv8 (~> 3.16.14.15)
      ref
    thor (0.20.3)
    thread_safe (0.3.6)
    tilt (2.0.10)
    turbolinks (5.2.1)
      turbolinks-source (~> 5.2)
    turbolinks-source (5.2.0)
    tzinfo (1.2.5)
      thread_safe (~> 0.1)
    uglifier (4.2.0)
      execjs (>= 0.3.0, < 3)
    unicode-display_width (0.1.1)
    warden (1.2.8)
      rack (>= 2.0.6)
    web-console (2.3.0)
      activemodel (>= 4.0)
      binding_of_caller (>= 0.7.2)
      railties (>= 4.0)
      sprockets-rails (>= 2.0, < 4.0)
    websocket-driver (0.7.1)
      websocket-extensions (>= 0.1.0)
    websocket-extensions (0.1.4)
    yaml_db (0.7.0)
      rails (>= 3.0)
      rake (>= 0.8.7)
    yard (0.9.20)
    zeitwerk (2.2.1)

PLATFORMS
  ruby

DEPENDENCIES
  autoprefixer-rails
  awesome_print
  bond
  bootstrap-sass
  cancancan
  coffee-rails (~> 5.0.0)
  devise
  devise-i18n
  font-awesome-rails
  hirb
  hirb-unicode
  jbuilder (~> 2.0)
  jist
  jquery-rails
  mysql2 (~> 0.3.18)
  nested_form
  passenger
  pry-byebug
  pry-doc
  pry-rails
  pry-remote
  pry-rescue
  pry-stack_explorer
  rails (~> 6.0.0)
  ransack
  remotipart
  rolify
  sass-rails (~> 5.0)
  sdoc (~> 0.4.0)
  simple_form
  spreadsheet
  spring
  sqlite3
  therubyracer
  turbolinks
  uglifier (>= 1.3.0)
  web-console (~> 2.0)
  yaml_db

BUNDLED WITH
   2.0.2
